GEM
  remote: https://rubygems.org/
  specs:
    byebug (5.0.0)
      columnize (= 0.9.0)
    columnize (0.9.0)
    minitest (5.8.0)
    rake (10.4.2)

PLATFORMS
  ruby

DEPENDENCIES
  byebug
  minitest
  rake

BUNDLED WITH
   1.10.6
